GEM
  remote: https://rubygems.org/
  specs:
    ffi (1.1.5)
    guard (1.3.2)
      listen (>= 0.4.2)
      thor (>= 0.14.6)
    guard-shell (0.5.1)
      guard (>= 1.1.0)
    listen (0.5.0)
    rb-inotify (0.8.8)
      ffi (>= 0.5.0)
    thor (0.16.0)

PLATFORMS
  ruby

DEPENDENCIES
  guard
  guard-shell
  rb-inotify
